GIT
  remote: git://github.com/durran/mongoid.git
  revision: 63a1f47
  specs:
    mongoid (2.0.0.beta.12)
      activemodel (~> 3.0.0.beta)
      bson (~> 1.0.4)
      mongo (~> 1.0.5)
      tzinfo (~> 0.3.22)
      will_paginate (~> 3.0.pre)

GIT
  remote: http://github.com/thoughtbot/factory_girl.git
  revision: feac729
  branch: rails3
  specs:
    factory_girl (1.2.3)

GIT
  remote: http://github.com/thoughtbot/shoulda.git
  revision: f814549
  specs:
    shoulda (2.11.1)

GEM
  remote: http://rubygems.org/
  specs:
    abstract (1.0.0)
    actionmailer (3.0.0.beta4)
      actionpack (= 3.0.0.beta4)
      mail (~> 2.2.3)
    actionpack (3.0.0.beta4)
      activemodel (= 3.0.0.beta4)
      activesupport (= 3.0.0.beta4)
      builder (~> 2.1.2)
      erubis (~> 2.6.5)
      i18n (~> 0.4.1)
      rack (~> 1.1.0)
      rack-mount (~> 0.6.3)
      rack-test (~> 0.5.4)
      tzinfo (~> 0.3.16)
    activemodel (3.0.0.beta4)
      activesupport (= 3.0.0.beta4)
      builder (~> 2.1.2)
      i18n (~> 0.4.1)
    activerecord (3.0.0.beta4)
      activemodel (= 3.0.0.beta4)
      activesupport (= 3.0.0.beta4)
      arel (~> 0.4.0)
      tzinfo (~> 0.3.16)
    activeresource (3.0.0.beta4)
      activemodel (= 3.0.0.beta4)
      activesupport (= 3.0.0.beta4)
    activesupport (3.0.0.beta4)
    arel (0.4.0)
      activesupport (>= 3.0.0.beta)
    bcrypt-ruby (2.1.2)
    bson (1.0.4)
    bson_ext (1.0.4)
    builder (2.1.2)
    devise (1.1.rc2)
      bcrypt-ruby (~> 2.1.2)
      warden (~> 0.10.7)
    erubis (2.6.6)
      abstract (>= 1.0.0)
    haml (3.0.12)
    i18n (0.4.1)
    mail (2.2.5)
      activesupport (>= 2.3.6)
      mime-types
      treetop (>= 1.4.5)
    mime-types (1.16)
    mocha (0.9.8)
      rake
    mongo (1.0.6)
      bson (>= 1.0.4)
    polyglot (0.3.1)
    rack (1.1.0)
    rack-mount (0.6.9)
      rack (>= 1.0.0)
    rack-test (0.5.4)
      rack (>= 1.0)
    rails (3.0.0.beta4)
      actionmailer (= 3.0.0.beta4)
      actionpack (= 3.0.0.beta4)
      activerecord (= 3.0.0.beta4)
      activeresource (= 3.0.0.beta4)
      activesupport (= 3.0.0.beta4)
      bundler (>= 0.9.26)
      railties (= 3.0.0.beta4)
    railties (3.0.0.beta4)
      actionpack (= 3.0.0.beta4)
      activesupport (= 3.0.0.beta4)
      rake (>= 0.8.3)
      thor (~> 0.13.6)
    rake (0.8.7)
    sqlite3-ruby (1.3.1)
    thor (0.13.8)
    treetop (1.4.8)
      polyglot (>= 0.3.1)
    tzinfo (0.3.22)
    warden (0.10.7)
      rack (>= 1.0.0)
    will_paginate (3.0.pre)

PLATFORMS
  ruby

DEPENDENCIES
  bson_ext
  devise (= 1.1.rc2)
  factory_girl!
  haml (= 3.0.12)
  mocha
  mongoid!
  rails (= 3.0.0.beta4)
  shoulda!
  sqlite3-ruby
